PATH
  remote: .
  specs:
    musket (0.0.1)
      mote
      thor

GEM
  remote: https://rubygems.org/
  specs:
    mote (1.1.2)
    rake (10.0.4)
    thor (0.18.1)

PLATFORMS
  ruby

DEPENDENCIES
  bundler (~> 1.3)
  musket!
  rake
